GEM
  remote: https://rubygems.org/
  specs:
    concurrent-ruby (1.2.2)
    icalendar (2.10.0)
      ice_cube (~> 0.16)
    ice_cube (0.16.4)
    tzinfo (2.0.6)
      concurrent-ruby (~> 1.0)

PLATFORMS
  x86_64-linux

DEPENDENCIES
  icalendar (~> 2.10)
  tzinfo (~> 2.0)

BUNDLED WITH
   2.4.22
